GEM
  remote: https://rubygems.org/
  specs:
    mustermann (1.0.2)
    pg (1.1.3)
    rack (2.0.5)
    rack-protection (2.0.3)
      rack
    sequel (5.14.0)
    sinatra (2.0.3)
      mustermann (~> 1.0)
      rack (~> 2.0)
      rack-protection (= 2.0.3)
      tilt (~> 2.0)
    tilt (2.0.8)

PLATFORMS
  ruby

DEPENDENCIES
  pg
  sequel
  sinatra

BUNDLED WITH
   1.16.0
